GIT
  remote: git://github.com/jeremiak/jekyll-offline.git
  revision: 9d556698875b26196628807d29d5a0d9a7aee680
  specs:
    jekyll-offline (0.1.0)

GEM
  specs:

PLATFORMS
  x64-mingw32

DEPENDENCIES
  jekyll-offline!

BUNDLED WITH
   1.16.3
